GEM
  remote: http://rubygems.org/
  specs:
    awesome_print (1.9.2)
    codepop (1.0.0)
    debug (1.6.2)
      irb (>= 1.3.6)
      reline (>= 0.3.1)
    dotenv (2.8.1)
    foreman (0.87.2)
    io-console (0.5.11)
    irb (1.4.1)
      reline (>= 0.3.0)
    mustermann (2.0.2)
      ruby2_keywords (~> 0.0.1)
    nio4r (2.5.8)
    puma (5.6.5)
      nio4r (~> 2.0)
    rack (2.2.4)
    rack-protection (2.2.2)
      rack
    reline (0.3.1)
      io-console (~> 0.5)
    require_all (3.0.0)
    ruby2_keywords (0.0.5)
    sinatra (2.2.2)
      mustermann (~> 2.0)
      rack (~> 2.2)
      rack-protection (= 2.2.2)
      tilt (~> 2.0)
    tilt (2.0.11)

PLATFORMS
  ruby
  x86_64-linux

DEPENDENCIES
  awesome_print
  codepop
  debug
  dotenv
  foreman
  puma
  require_all
  sinatra

BUNDLED WITH
   2.3.19
